GEM
  remote: http://rubygems.org/
  specs:
    activemodel (4.2.11.3)
      activesupport (= 4.2.11.3)
      builder (~> 3.1)
    activesupport (4.2.11.3)
      i18n (~> 0.7)
      minitest (~> 5.1)
      thread_safe (~> 0.3, >= 0.3.4)
      tzinfo (~> 1.1)
    activesupport-json_encoder (1.1.0)
      activesupport (>= 4.1.0, < 5.0)
    bigdecimal (3.1.5)
    builder (3.2.4)
    concurrent-ruby (1.2.3)
    diff-lcs (1.5.0)
    i18n (0.9.5)
      concurrent-ruby (~> 1.0)
    json (2.7.1)
    minitest (5.21.1)
    mustermann (2.0.2)
      ruby2_keywords (~> 0.0.1)
    pg (1.5.4)
    rack (2.2.8)
    rack-contrib (2.4.0)
      rack (< 4)
    rack-protection (2.2.4)
      rack
    rack-test (2.1.0)
      rack (>= 1.3)
    rake (13.1.0)
    rspec (3.12.0)
      rspec-core (~> 3.12.0)
      rspec-expectations (~> 3.12.0)
      rspec-mocks (~> 3.12.0)
    rspec-core (3.12.2)
      rspec-support (~> 3.12.0)
    rspec-expectations (3.12.3)
      diff-lcs (>= 1.2.0, < 2.0)
      rspec-support (~> 3.12.0)
    rspec-mocks (3.12.6)
      diff-lcs (>= 1.2.0, < 2.0)
      rspec-support (~> 3.12.0)
    rspec-support (3.12.1)
    ruby2_keywords (0.0.5)
    sequel (5.76.0)
      bigdecimal
    sinatra (2.2.4)
      mustermann (~> 2.0)
      rack (~> 2.2)
      rack-protection (= 2.2.4)
      tilt (~> 2.0)
    thread_safe (0.3.6)
    tilt (2.3.0)
    tzinfo (1.2.11)
      thread_safe (~> 0.1)

PLATFORMS
  ruby
  x86_64-linux

DEPENDENCIES
  activemodel
  activesupport-json_encoder (~> 1.1)
  json
  pg
  rack (~> 2.2)
  rack-contrib
  rack-test
  rake
  rspec
  sequel
  sinatra (~> 2.0)

BUNDLED WITH
   2.5.4
